PATH
  remote: .
  specs:
    kontena-registrator (0.0.1)

PATH
  remote: vendor/kontena/kontena-etcd
  specs:
    kontena-etcd (0.1.0)
      excon (~> 0.54.0)

GEM
  remote: https://rubygems.org/
  specs:
    addressable (2.5.0)
      public_suffix (~> 2.0, >= 2.0.2)
    celluloid (0.17.3)
      celluloid-essentials
      celluloid-extras
      celluloid-fsm
      celluloid-pool
      celluloid-supervision
      timers (>= 4.1.1)
    celluloid-essentials (0.20.5)
      timers (>= 4.1.1)
    celluloid-extras (0.20.5)
      timers (>= 4.1.1)
    celluloid-fsm (0.20.5)
      timers (>= 4.1.1)
    celluloid-pool (0.20.5)
      timers (>= 4.1.1)
    celluloid-supervision (0.20.6)
      timers (>= 4.1.1)
    crack (0.4.3)
      safe_yaml (~> 1.0.0)
    diff-lcs (1.2.5)
    docker-api (1.33.0)
      excon (>= 0.38.0)
      json
    excon (0.54.0)
    hashdiff (0.3.1)
    hitimes (1.2.4)
    json (2.0.2)
    public_suffix (2.0.4)
    rack (1.6.13)
    rack-protection (1.5.3)
      rack
    rack-test (0.6.3)
      rack (>= 1.0)
    rspec (3.5.0)
      rspec-core (~> 3.5.0)
      rspec-expectations (~> 3.5.0)
      rspec-mocks (~> 3.5.0)
    rspec-core (3.5.4)
      rspec-support (~> 3.5.0)
    rspec-expectations (3.5.0)
      diff-lcs (>= 1.2.0, < 2.0)
      rspec-support (~> 3.5.0)
    rspec-mocks (3.5.0)
      diff-lcs (>= 1.2.0, < 2.0)
      rspec-support (~> 3.5.0)
    rspec-support (3.5.0)
    safe_yaml (1.0.4)
    sinatra (1.4.7)
      rack (~> 1.5)
      rack-protection (~> 1.4)
      tilt (>= 1.3, < 3)
    tilt (2.0.5)
    timers (4.1.2)
      hitimes
    webmock (2.3.1)
      addressable (>= 2.3.6)
      crack (>= 0.3.2)
      hashdiff

PLATFORMS
  ruby

DEPENDENCIES
  celluloid (~> 0.17.3)!
  docker-api (~> 1.33.0)!
  kontena-etcd!
  kontena-registrator!
  rack-test!
  rspec (~> 3.5)!
  safe_yaml!
  sinatra!
  webmock!

RUBY VERSION
   ruby 2.3.1p112

BUNDLED WITH
   1.13.5
